PATH
  remote: .
  specs:
    toby (0.1.0)

GEM
  remote: https://rubygems.org/
  specs:
    rake (13.2.1)

PLATFORMS
  arm64-darwin-22
  ruby

DEPENDENCIES
  rake (~> 13.0)
  toby!

BUNDLED WITH
   2.5.23
