PATH
  remote: .
  specs:
    tobee (0.1.5)

GEM
  remote: https://rubygems.org/
  specs:
    datadog (2.13.0)
      datadog-ruby_core_source (~> 3.4)
      libdatadog (~> 16.0.1.1.0)
      libddwaf (~> 1.21.0.0.1)
      logger
      msgpack
    datadog-ruby_core_source (3.4.0)
    ffi (1.17.1)
    ffi (1.17.1-aarch64-linux-gnu)
    ffi (1.17.1-arm64-darwin)
    ffi (1.17.1-x86_64-linux-gnu)
    libdatadog (16.0.1.1.0)
    libdatadog (16.0.1.1.0-aarch64-linux)
    libdatadog (16.0.1.1.0-x86_64-linux)
    libddwaf (1.21.0.0.1)
      ffi (~> 1.0)
    libddwaf (1.21.0.0.1-aarch64-linux)
      ffi (~> 1.0)
    libddwaf (1.21.0.0.1-arm64-darwin)
      ffi (~> 1.0)
    libddwaf (1.21.0.0.1-x86_64-linux)
      ffi (~> 1.0)
    logger (1.7.0)
    msgpack (1.8.0)
    rake (13.2.1)

PLATFORMS
  aarch64-linux
  arm64-darwin-22
  ruby
  x86_64-linux

DEPENDENCIES
  datadog (~> 2.13)
  rake (~> 13.0)
  tobee!

BUNDLED WITH
   2.5.23
